STORAGE: NONE
NUGET
  remote: https://www.nuget.org/api/v2
    Fable.Browser.Dom (1.0.0-alpha-002)
      Fable.Core (>= 2.1.0-alpha-002) - restriction: >= netstandard2.0
      FSharp.Core (>= 4.5.2) - restriction: >= netstandard2.0
    Fable.Core (2.1.0-alpha-002)
      FSharp.Core (>= 4.5.2) - restriction: >= netstandard2.0
    Fable.Geojson (0.1)
      Fable.Core (>= 1.3.8) - restriction: >= netstandard1.6
    Fable.Import.Browser (1.3)
      Fable.Core (>= 1.3.17) - restriction: >= netstandard1.6
    Fable.Import.GoogleMaps (0.2)
      Fable.Core (>= 1.3.17) - restriction: >= netstandard1.6
      Fable.Import.Browser (>= 1.3) - restriction: >= netstandard1.6
    Fable.Leaflet (0.1)
      Fable.Core (>= 1.3.8) - restriction: >= netstandard1.6
      Fable.Geojson (>= 0.1) - restriction: >= netstandard1.6
      Fable.Import.Browser (>= 1.1.1) - restriction: >= netstandard1.6
    FSharp.Core (4.5.2) - restriction: >= netstandard2.0

GROUP Build
RESTRICTION: == net46
NUGET
  remote: https://www.nuget.org/api/v2
    FAKE (4.64.13)
    FSharp.Core (4.5.2) - content: none, redirects: force
    Octokit (0.32)
GITHUB
  remote: fsharp/FAKE
    modules/Octokit/Octokit.fsx (3827f95ad533978ec14c29db92658f48b0609e05)
      Octokit (>= 0.20)
  remote: fable-compiler/fake-helpers
    Fable.FakeHelpers.fs (46b48de9f1b532b63b015a9e2e2b22d150734728)